GEM
  remote: http://rubygems.org/
  specs:
    sinatra (1.1.0)

PLATFORMS
  ruby

DEPENDENCIES
  sinatra (= 1.1.0)
